PATH
  remote: .
  specs:
    brodock-visage-app (1.0.0)
      errand (= 0.7.3)
      errand (= 0.7.3)
      haml
      haml (~> 3.1.4)
      librrd (~> 1.0.2)
      sinatra
      sinatra (~> 1.3.2)
      tilt
      tilt (~> 1.3)
      yajl-ruby
      yajl-ruby (~> 1.1.0)

GEM
  remote: http://rubygems.org/
  specs:
    builder (3.0.0)
    cucumber (1.1.9)
      builder (>= 2.1.2)
      diff-lcs (>= 1.1.2)
      gherkin (~> 2.9.0)
      json (>= 1.4.6)
      term-ansicolor (>= 1.0.6)
    diff-lcs (1.1.3)
    errand (0.7.3)
    gherkin (2.9.1)
      json (>= 1.4.6)
    git (1.2.5)
    haml (3.1.4)
    jeweler (1.8.3)
      bundler (~> 1.0)
      git (>= 1.2.5)
      rake
      rdoc
    json (1.6.5)
    librrd (1.0.2)
    nokogiri (1.5.2)
    rack (1.4.1)
    rack-protection (1.2.0)
      rack
    rack-test (0.6.1)
      rack (>= 1.0)
    rake (0.9.2.2)
    rdoc (3.12)
      json (~> 1.4)
    rspec (2.9.0)
      rspec-core (~> 2.9.0)
      rspec-expectations (~> 2.9.0)
      rspec-mocks (~> 2.9.0)
    rspec-core (2.9.0)
    rspec-expectations (2.9.0)
      diff-lcs (~> 1.1.3)
    rspec-mocks (2.9.0)
    shotgun (0.9)
      rack (>= 1.0)
    sinatra (1.3.2)
      rack (~> 1.3, >= 1.3.6)
      rack-protection (~> 1.2)
      tilt (~> 1.3, >= 1.3.3)
    term-ansicolor (1.0.7)
    tilt (1.3.3)
    webrat (0.7.3)
      nokogiri (>= 1.2.0)
      rack (>= 1.0)
      rack-test (>= 0.5.3)
    yajl-ruby (1.1.0)

PLATFORMS
  ruby

DEPENDENCIES
  brodock-visage-app!
  cucumber
  errand (= 0.7.3)
  haml
  jeweler
  rack-test
  rspec
  shotgun
  sinatra
  tilt
  webrat
  yajl-ruby
